GEM
  remote: http://rubygems.org/
  specs:
    diff-lcs (1.2.4)
    dotenv (0.4.0)
    rspec (2.13.0)
      rspec-core (~> 2.13.0)
      rspec-expectations (~> 2.13.0)
      rspec-mocks (~> 2.13.0)
    rspec-core (2.13.1)
    rspec-expectations (2.13.0)
      diff-lcs (>= 1.1.3, < 2.0)
    rspec-given (2.2.1)
      rspec (> 1.2.8)
    rspec-mocks (2.13.1)

PLATFORMS
  ruby

DEPENDENCIES
  dotenv
  rspec
  rspec-given
